GIT
  remote: git://github.com/abeMedia/less.rb.git
  revision: 334d04e0e4ee2d6558dcae85e8ece63a484db047
  submodules: true
  specs:
    less (2.6.0)
      commonjs (~> 0.2.7)

GEM
  remote: https://rubygems.org/
  specs:
    addressable (2.5.1)
      public_suffix (~> 2.0, >= 2.0.2)
    autoprefixer-rails (7.1.0)
      execjs
    colorator (1.1.0)
    commonjs (0.2.7)
    concurrent-ruby (1.0.5)
    execjs (2.7.0)
    exifr (1.2.5)
    extras (0.1.0)
      forwardable-extended (~> 2.5)
    fastimage (2.1.0)
    ffi (1.9.18)
    forwardable-extended (2.6.0)
    fspath (3.1.0)
    htmlbeautifier (1.3.1)
    htmlcompressor (0.3.1)
    image_optim (0.24.3)
      exifr (~> 1.2, >= 1.2.2)
      fspath (~> 3.0)
      image_size (~> 1.5)
      in_threads (~> 1.3)
      progress (~> 3.0, >= 3.0.1)
    image_optim_pack (0.5.0)
      fspath (>= 2.1, < 4)
      image_optim (~> 0.19)
    image_size (1.5.0)
    in_threads (1.4.0)
    jekyll (3.4.3)
      addressable (~> 2.4)
      colorator (~> 1.0)
      jekyll-sass-converter (~> 1.0)
      jekyll-watch (~> 1.1)
      kramdown (~> 1.3)
      liquid (~> 3.0)
      mercenary (~> 0.3.3)
      pathutil (~> 0.9)
      rouge (~> 1.7)
      safe_yaml (~> 1.0)
    jekyll-assets (2.2.8)
      extras (~> 0.1)
      fastimage (~> 2.0, >= 1.8)
      jekyll (~> 3.1, >= 3.0)
      pathutil (>= 0.8)
      rack (> 1, < 2)
      sprockets (~> 3.3, < 3.7)
    jekyll-sass-converter (1.5.0)
      sass (~> 3.4)
    jekyll-sitemap (1.1.1)
      jekyll (~> 3.3)
    jekyll-tidy (0.2.2)
      htmlbeautifier
      htmlcompressor
      jekyll
    jekyll-watch (1.5.0)
      listen (~> 3.0, < 3.1)
    jekyll-widgets (0.1.2)
      jekyll (~> 3.3)
    jekyll-youtube (1.0.0)
      jekyll
    kramdown (1.13.2)
    libv8 (3.16.14.19)
    liquid (3.0.6)
    listen (3.0.8)
      rb-fsevent (~> 0.9, >= 0.9.4)
      rb-inotify (~> 0.9, >= 0.9.7)
    mercenary (0.3.6)
    mini_magick (4.7.0)
    pathutil (0.14.0)
      forwardable-extended (~> 2.6)
    progress (3.3.1)
    public_suffix (2.0.5)
    rack (1.6.8)
    rb-fsevent (0.9.8)
    rb-inotify (0.9.8)
      ffi (>= 0.5.0)
    ref (2.0.0)
    rouge (1.11.1)
    safe_yaml (1.0.4)
    sass (3.4.23)
    sprockets (3.6.3)
      concurrent-ruby (~> 1.0)
      rack (> 1, < 3)
    therubyracer (0.12.3)
      libv8 (~> 3.16.14.15)
      ref
    uglifier (3.2.0)
      execjs (>= 0.3.0, < 3)

PLATFORMS
  ruby

DEPENDENCIES
  autoprefixer-rails
  image_optim
  image_optim_pack
  jekyll (>= 3.0)
  jekyll-assets
  jekyll-sitemap
  jekyll-tidy
  jekyll-widgets
  jekyll-youtube
  less!
  mini_magick
  rack (< 2.0)
  therubyracer
  uglifier

BUNDLED WITH
   1.13.6
